PATH
  remote: .
  specs:
    acts_as_list (0.2.1)
      activerecord (>= 3.0.0)

GEM
  remote: http://rubygems.org/
  specs:
    activemodel (3.2.3)
      activesupport (= 3.2.3)
      builder (~> 3.0.0)
    activerecord (3.2.3)
      activemodel (= 3.2.3)
      activesupport (= 3.2.3)
      arel (~> 3.0.2)
      tzinfo (~> 0.3.29)
    activesupport (3.2.3)
      i18n (~> 0.6)
      multi_json (~> 1.0)
    arel (3.0.2)
    builder (3.0.0)
    i18n (0.6.0)
    multi_json (1.3.4)
    rake (0.9.2.2)
    sqlite3 (1.3.6)
    tzinfo (0.3.33)
    yard (0.8.1)

PLATFORMS
  ruby

DEPENDENCIES
  activerecord (> 3.0.0)
  acts_as_list!
  rake
  sqlite3
  yard
